GEM
  remote: http://rubygems.org/
  specs:
    RedCloth (4.3.0)
    albino (1.3.3)
      posix-spawn (>= 0.3.6)
    chunky_png (1.3.12)
    classifier (1.3.3)
      fast-stemmer (>= 1.0.0)
    compass (0.12.1)
      chunky_png (~> 1.2)
      fssm (>= 0.2.7)
      sass (~> 3.1)
    directory_watcher (1.4.1)
    fast-stemmer (1.0.1)
    fssm (0.2.10)
    haml (3.1.6)
    jekyll (0.11.2)
      albino (~> 1.3)
      classifier (~> 1.3)
      directory_watcher (~> 1.1)
      kramdown (~> 0.13)
      liquid (~> 2.3)
      maruku (~> 0.5)
    kramdown (0.13.7)
    liquid (2.3.0)
    maruku (0.6.0)
      syntax (>= 1.0.0)
    multi_json (1.15.0)
    posix-spawn (0.3.6)
    pygments.rb (1.2.1)
      multi_json (>= 1.0.0)
    rack (1.6.13)
    rack-protection (1.5.5)
      rack
    rake (12.3.3)
    rb-fsevent (0.9.0)
    rdiscount (1.6.8)
    rubypants (0.7.1)
    sass (3.4.25)
    sinatra (1.4.6)
      rack (~> 1.4)
      rack-protection (~> 1.4)
      tilt (>= 1.3, < 3)
    stringex (1.4.0)
    syntax (1.0.0)
    tilt (2.0.10)

PLATFORMS
  ruby

DEPENDENCIES
  RedCloth (= 4.3.0)
  compass (= 0.12.1)
  haml (= 3.1.6)
  jekyll (= 0.11.2)
  liquid (= 2.3.0)
  pygments.rb (= 1.2.1)
  rack (= 1.6.13)
  rake (= 12.3.3)
  rb-fsevent (= 0.9)
  rdiscount (= 1.6.8)
  rubypants (= 0.7.1)
  sinatra (= 1.4.6)
  stringex (= 1.4.0)
